GEM
  remote: https://rubygems.org/
  specs:
    materialize-sass (0.97.8)
      sass (~> 3.3)
    sass (3.4.22)

PLATFORMS
  ruby

DEPENDENCIES
  materialize-sass

BUNDLED WITH
   1.13.6
